GEM
  remote: https://rubygems.org/
  specs:
    archive-tar-minitar (0.5.2)
    arr-pm (0.0.7)
      cabin (> 0)
    backports (2.3.0)
    cabin (0.4.4)
      json
    childprocess (0.3.2)
      ffi (~> 1.0.6)
    clamp (0.3.1)
    erubis (2.7.0)
    facter (1.6.7)
    ffi (1.0.11)
    fpm (0.4.6)
      arr-pm (~> 0.0.7)
      backports (= 2.3.0)
      cabin (~> 0.4.3)
      clamp
      json
    i18n (0.6.0)
    json (1.5.4)
    log4r (1.1.10)
    net-scp (1.0.4)
      net-ssh (>= 1.99.1)
    net-ssh (2.2.2)
    puppet (2.7.13)
      facter (>= 1.5.1)
    puppet-lint (0.1.13)
    puppet-module (0.3.4)
    rake (0.9.2.2)
    vagrant (1.0.2)
      archive-tar-minitar (= 0.5.2)
      childprocess (~> 0.3.1)
      erubis (~> 2.7.0)
      i18n (~> 0.6.0)
      json (~> 1.5.1)
      log4r (~> 1.1.9)
      net-scp (~> 1.0.4)
      net-ssh (~> 2.2.2)

PLATFORMS
  ruby

DEPENDENCIES
  fpm
  puppet
  puppet-lint
  puppet-module
  rake (= 0.9.2.2)
  vagrant
