GEM
  remote: https://rubygems.org/
  specs:
    arr-pm (0.0.7)
      cabin (> 0)
    backports (2.3.0)
    cabin (0.4.4)
      json
    clamp (0.3.1)
    fpm (0.4.6)
      arr-pm (~> 0.0.7)
      backports (= 2.3.0)
      cabin (~> 0.4.3)
      clamp
      json
    json (1.5.4)
    rake (0.9.2.2)

PLATFORMS
  ruby

DEPENDENCIES
  fpm
  rake (= 0.9.2.2)

BUNDLED WITH
   1.10.6
